PATH
  remote: .
  specs:
    buildless (0.0.1)

GEM
  remote: https://rubygems.org/
  specs:
    coderay (1.1.3)
    method_source (1.0.0)
    pry (0.14.2)
      coderay (~> 1.1)
      method_source (~> 1.0)

PLATFORMS
  x86_64-darwin-21

DEPENDENCIES
  buildless!
  pry

BUNDLED WITH
   2.4.22
